GEM
  remote: http://rubygems.org/
  specs:
    bson (1.0.9)
    bson_ext (1.0.9)
    haml (3.0.21)
    json (1.4.6)
    mongo (1.0.9)
      bson (>= 1.0.5)
    rack (1.1.0)
    require_all (1.1.0)
    sinatra (1.0)
      rack (>= 1.0)

PLATFORMS
  ruby

DEPENDENCIES
  bson_ext
  haml
  json
  mongo
  rack (= 1.1.0)
  require_all (= 1.1.0)
  sinatra (= 1.0)
